PATH
  remote: .
  specs:
    jhove-service (0.2.0)
      nokogiri (>= 1.4.3.1)

GEM
  remote: http://rubygems.org/
  remote: http://sulair-rails-dev.stanford.edu/
  specs:
    highline (1.6.2)
    i18n (0.6.0)
    lyberteam-devel (0.4.1)
      highline
      pony
      rake (>= 0.8.7)
    mail (2.3.0)
      i18n (>= 0.4.0)
      mime-types (~> 1.16)
      treetop (~> 1.4.8)
    mime-types (1.16)
    nokogiri (1.5.0)
    polyglot (0.3.2)
    pony (1.3)
      mail (> 2.0)
    rake (0.9.2)
    rcov (0.9.10)
    rdoc (3.9.4)
    rspec (1.3.2)
    treetop (1.4.10)
      polyglot
      polyglot (>= 0.3.1)
    yard (0.7.2)

PLATFORMS
  ruby

DEPENDENCIES
  jhove-service!
  lyberteam-devel (>= 0.4.1)
  rake (>= 0.8.7)
  rcov
  rdoc
  rspec (< 2.0)
  yard
