PATH
  remote: .
  specs:
    jhove-service (1.0.2)
      nokogiri (>= 1.4.3.1)

GEM
  remote: http://rubygems.org/
  remote: http://sul-gems.stanford.edu/
  specs:
    equivalent-xml (0.2.9)
      nokogiri (>= 1.4.3)
    lyberteam-gems-devel (1.0.1)
      rake (>= 0.8.7)
      rest-client
    mime-types (1.19)
    nokogiri (1.5.0)
    rake (10.0.2)
    rcov (0.9.10)
    rdoc (3.9.4)
    rest-client (1.6.7)
      mime-types (>= 1.16)
    rspec (1.3.2)
    yard (0.7.2)

PLATFORMS
  ruby

DEPENDENCIES
  equivalent-xml (>= 0.2.2)
  jhove-service!
  lyberteam-gems-devel (>= 1.0)
  rake (>= 0.8.7)
  rcov
  rdoc
  rspec (< 2.0)
  yard
